PATH
  remote: .
  specs:
    broadstreet (0.0.1)
      faraday
      hashie

GEM
  remote: https://rubygems.org/
  specs:
    faraday (0.9.0)
      multipart-post (>= 1.2, < 3)
    hashie (2.1.1)
    multipart-post (2.0.0)

PLATFORMS
  ruby

DEPENDENCIES
  broadstreet!
